GEM
  remote: https://rubygems.org/
  specs:
    async (1.9.1)
      nio4r (~> 2.3)
      timers (~> 4.1)
    async-container (0.5.0)
      async (~> 1.0)
      async-io (~> 1.4)
    async-http (0.24.3)
      async (~> 1.6)
      async-io (~> 1.12)
      http-2 (~> 0.9.0)
    async-io (1.12.1)
      async (~> 1.3)
    falcon (0.15.2)
      async-container (~> 0.5.0)
      async-http (~> 0.24.0)
      async-io (~> 1.9)
      rack (>= 1.0)
      samovar (~> 1.3)
    hitimes (1.2.6)
    http-2 (0.9.1)
    mapping (1.1.1)
    mustermann (1.0.2)
    nio4r (2.3.1)
    rack (2.0.8)
    rack-protection (2.0.3)
      rack
    rainbow (2.2.2)
      rake
    rake (13.0.1)
    samovar (1.8.0)
      mapping (~> 1.0)
      rainbow (~> 2.0)
    sinatra (2.0.3)
      mustermann (~> 1.0)
      rack (~> 2.0)
      rack-protection (= 2.0.3)
      tilt (~> 2.0)
    tilt (2.0.8)
    timers (4.1.2)
      hitimes

PLATFORMS
  ruby

DEPENDENCIES
  falcon
  sinatra

BUNDLED WITH
   1.16.1
